GIT
  remote: git://gist.github.com/4194390.git
  revision: 92a086ea287be0e0dcb5834f6cbc7331dc0d83cb
  specs:
    pathology-rakep (0.1.0)

GIT
  remote: git://github.com/livingsocial/rake-pipeline.git
  revision: ae0795842a8958934d872a005d18b16161aa05fe
  specs:
    rake-pipeline (0.8.0)
      json
      rake (~> 0.9.0)
      thor

GIT
  remote: git://github.com/wycats/rake-pipeline-web-filters.git
  revision: 1a6dc173776b188836aa2ce2ac35b61c7f7daafe
  specs:
    rake-pipeline-web-filters (0.6.0)
      rack
      rake-pipeline (~> 0.6)

GEM
  remote: https://rubygems.org/
  specs:
    addressable (2.2.7)
    coffee-script (2.2.0)
      coffee-script-source
      execjs
    coffee-script-source (1.3.1)
    colored (1.2)
    execjs (1.3.0)
      multi_json (~> 1.0)
    faraday (0.7.6)
      addressable (~> 2.2)
      multipart-post (~> 1.1)
      rack (~> 1.1)
    github_api (0.4.11)
      faraday (~> 0.7.6)
      hashie (~> 1.2.0)
      multi_json (~> 1.3)
      nokogiri (~> 1.5.2)
      oauth2 (~> 0.5.2)
    github_uploader (0.1.0)
      github_api (= 0.4.11)
      rest-client
    hashie (1.2.0)
    html_package (0.0.3)
    json (1.7.5)
    mime-types (1.18)
    multi_json (1.3.4)
    multipart-post (1.1.5)
    nokogiri (1.5.2)
    oauth2 (0.5.2)
      faraday (~> 0.7)
      multi_json (~> 1.0)
    rack (1.4.1)
    rake (0.9.5)
    rest-client (1.6.7)
      mime-types (>= 1.16)
    thor (0.16.0)
    tilt (1.3.3)
    uglifier (1.0.4)
      execjs (>= 0.3.0)
      multi_json (>= 1.0.2)

PLATFORMS
  ruby

DEPENDENCIES
  coffee-script
  colored
  github_uploader (~> 0.1.0)
  html_package (~> 0.0.3)
  pathology-rakep!
  rake-pipeline!
  rake-pipeline-web-filters!
  tilt
  uglifier (~> 1.0.3)
